PATH
  remote: .
  specs:
    spectre_css (0.1.2)

GEM
  remote: https://rubygems.org/
  specs:
    rake (10.5.0)

PLATFORMS
  ruby

DEPENDENCIES
  bundler (~> 1.16)
  rake (~> 10.0)
  spectre_css!

BUNDLED WITH
   1.16.1
